GEM
  remote: https://rubygems.org/
  specs:
    aws-eventstream (1.2.0)
    aws-partitions (1.656.0)
    aws-sdk-core (3.166.0)
      aws-eventstream (~> 1, >= 1.0.2)
      aws-partitions (~> 1, >= 1.651.0)
      aws-sigv4 (~> 1.5)
      jmespath (~> 1, >= 1.6.1)
    aws-sdk-ec2 (1.345.0)
      aws-sdk-core (~> 3, >= 3.165.0)
      aws-sigv4 (~> 1.1)
    aws-sigv4 (1.5.2)
      aws-eventstream (~> 1, >= 1.0.2)
    docopt (0.6.1)
    jmespath (1.6.1)

PLATFORMS
  -darwin-21
  ruby

DEPENDENCIES
  aws-sdk-ec2 (~> 1)
  docopt (~> 0.6.1)

RUBY VERSION
   ruby 2.6.6p146

BUNDLED WITH
   2.2.32
